GEM
  remote: http://rubygems.org/
  specs:
    bson (1.3.1)
    bson_ext (1.5.1)
    builder (3.0.0)
    excon (0.15.5)
    fog (1.5.0)
      builder
      excon (~> 0.14)
      formatador (~> 0.2.0)
      mime-types
      multi_json (~> 1.0)
      net-scp (~> 1.0.4)
      net-ssh (>= 2.1.3)
      nokogiri (~> 1.5.0)
      ruby-hmac
    formatador (0.2.3)
    json (1.8.2)
    mime-types (1.19)
    mongo (1.3.1)
      bson (>= 1.3.1)
    multi_json (1.3.6)
    net-scp (1.0.4)
      net-ssh (>= 1.99.1)
    net-ssh (2.5.2)
    nokogiri (1.5.5)
    rake (11.2.2)
    ruby-hmac (0.4.0)
    trollop (1.16.2)

PLATFORMS
  ruby

DEPENDENCIES
  bson_ext
  fog
  json
  mongo (~> 1.0)
  rake
  trollop

BUNDLED WITH
   1.12.5
